GEM
  remote: https://rubygems.org/
  specs:
    rb_heap (1.1.0)

PLATFORMS
  arm64-darwin-22

DEPENDENCIES
  rb_heap

BUNDLED WITH
   2.4.22
