GEM
  remote: https://rubygems.org/
  specs:
    rb_heap (1.1.0)

PLATFORMS
  arm64-darwin-22
  arm64-darwin-23

DEPENDENCIES
  rb_heap

BUNDLED WITH
   2.5.3
