GEM
  remote: https://rubygems.org/
  specs:
    diff-lcs (1.6.2)
    rspec (3.13.0)
      rspec-core (~> 3.13.0)
      rspec-expectations (~> 3.13.0)
      rspec-mocks (~> 3.13.0)
    rspec-core (3.13.3)
      rspec-support (~> 3.13.0)
    rspec-expectations (3.13.4)
      diff-lcs (>= 1.2.0, < 2.0)
      rspec-support (~> 3.13.0)
    rspec-mocks (3.13.4)
      diff-lcs (>= 1.2.0, < 2.0)
      rspec-support (~> 3.13.0)
    rspec-support (3.13.3)

PLATFORMS
  arm64-darwin-22
  arm64-darwin-23
  arm64-darwin-24

DEPENDENCIES
  rspec

BUNDLED WITH
   2.6.9
